PATH
  remote: .
  specs:
    collective-data (0.0.0)
      activeresource

GEM
  remote: http://rubygems.org/
  specs:
    activemodel (3.0.0)
      activesupport (= 3.0.0)
      builder (~> 2.1.2)
      i18n (~> 0.4.1)
    activeresource (3.0.0)
      activemodel (= 3.0.0)
      activesupport (= 3.0.0)
    activesupport (3.0.0)
    builder (2.1.2)
    columnize (0.3.1)
    cucumber (0.9.0)
      builder (~> 2.1.2)
      diff-lcs (~> 1.1.2)
      gherkin (~> 2.2.2)
      json (~> 1.4.6)
      term-ansicolor (~> 1.0.5)
    diff-lcs (1.1.2)
    fakeweb (1.3.0)
    gherkin (2.2.4)
      json (~> 1.4.6)
      term-ansicolor (~> 1.0.5)
      trollop (~> 1.16.2)
    i18n (0.4.1)
    json (1.4.6)
    linecache (0.43)
    ruby-debug (0.10.3)
      columnize (>= 0.1)
      ruby-debug-base (~> 0.10.3.0)
    ruby-debug-base (0.10.3)
      linecache (>= 0.3)
    term-ansicolor (1.0.5)
    thoughtbot-shoulda (2.11.1)
    trollop (1.16.2)

PLATFORMS
  ruby

DEPENDENCIES
  activeresource
  collective-data!
  cucumber
  fakeweb
  ruby-debug
  thoughtbot-shoulda
